PATH
  remote: .
  specs:
    logging-journald (2.1.0)
      journald-logger (~> 3.0)
      logging

GEM
  remote: https://rubygems.org/
  specs:
    journald-logger (3.1.0)
      journald-native (~> 1.0)
    journald-native (1.0.12)
    little-plugger (1.1.4)
    logging (2.3.1)
      little-plugger (~> 1.1)
      multi_json (~> 1.14)
    mocha (1.15.0)
    multi_json (1.15.0)
    power_assert (2.0.1)
    rake (12.3.3)
    test-unit (3.5.3)
      power_assert

PLATFORMS
  ruby

DEPENDENCIES
  bundler
  logging-journald!
  mocha
  rake (~> 12.3)
  test-unit

BUNDLED WITH
   2.1.4
