PATH
  remote: .
  specs:
    logging-journald (2.0.3)
      journald-logger (~> 3.0)
      logging

GEM
  remote: https://rubygems.org/
  specs:
    journald-logger (3.0.0)
      journald-native (~> 1.0)
    journald-native (1.0.11)
    little-plugger (1.1.4)
    logging (2.2.2)
      little-plugger (~> 1.1)
      multi_json (~> 1.10)
    mocha (1.10.0)
    multi_json (1.14.1)
    power_assert (1.1.5)
    rake (13.0.1)
    test-unit (3.3.4)
      power_assert

PLATFORMS
  ruby

DEPENDENCIES
  bundler
  logging-journald!
  mocha
  rake
  test-unit

BUNDLED WITH
   1.17.2
