PATH
  remote: ../logging
  specs:
    logging (2.1.0.48)
      little-plugger (~> 1.1)
      multi_json (~> 1.10)

PATH
  remote: .
  specs:
    logging-journald (1.0.0)
      journald-logger
      logging

GEM
  remote: https://rubygems.org/
  specs:
    journald-logger (2.0.3)
      journald-native (~> 1.0)
    journald-native (1.0.9)
    little-plugger (1.1.4)
    metaclass (0.0.4)
    mocha (1.3.0)
      metaclass (~> 0.0.1)
    multi_json (1.13.1)
    power_assert (1.1.1)
    rake (12.3.0)
    test-unit (3.2.7)
      power_assert

PLATFORMS
  ruby

DEPENDENCIES
  bundler
  logging!
  logging-journald!
  mocha
  rake
  test-unit

BUNDLED WITH
   1.15.3
